PATH
  remote: .
  specs:
    my_idea (0.0.1)

GEM
  remote: http://rubygems.org/
  specs:
    rake (10.5.0)

PLATFORMS
  ruby

DEPENDENCIES
  my_idea!
  rake

BUNDLED WITH
   1.11.2
